GEM
  remote: https://rubygems.org/
  specs:
    puma (3.12.6)
    rack (2.0.1)
    sequel (4.43.0)
    sqlite3 (1.3.13)

PLATFORMS
  ruby

DEPENDENCIES
  puma
  rack (~> 2.0.1)
  sequel (~> 4.43.0)
  sqlite3 (~> 1.3.11)

BUNDLED WITH
   1.13.7
