GEM
  remote: https://rubygems.org/
  specs:
    cssminify (1.0.2)
    dotenv (2.2.1)
    mini_portile2 (2.3.0)
    nokogiri (1.8.1)
      mini_portile2 (~> 2.3.0)
    puma (3.12.6)
    rack (2.0.1)
    rake (12.0.0)
    sequel (4.43.0)
    sqlite3 (1.3.13)

PLATFORMS
  ruby

DEPENDENCIES
  cssminify
  dotenv
  nokogiri (> 1.8.0)
  puma
  rack (~> 2.0.1)
  rake
  sequel (~> 4.43.0)
  sqlite3

RUBY VERSION
   ruby 2.4.0p0

BUNDLED WITH
   1.13.7
